GEM
  remote: https://rubygems.org/
  specs:
    ansi (1.5.0)
    hashie (3.5.5)
    hocho (0.2.1)
      hashie
      itamae
      net-ssh
      thor
    itamae (1.9.11)
      ansi
      hashie
      schash (~> 0.1.0)
      specinfra (>= 2.64.0, < 3.0.0)
      thor
    itamae-secrets (0.2.3)
      thor
    net-scp (1.2.1)
      net-ssh (>= 2.6.5)
    net-ssh (4.1.0)
    net-telnet (0.1.1)
    schash (0.1.2)
    sfl (2.3)
    specinfra (2.68.0)
      net-scp
      net-ssh (>= 2.7, < 5.0)
      net-telnet
      sfl
    thor (0.19.4)

PLATFORMS
  ruby

DEPENDENCIES
  hocho
  itamae-secrets

BUNDLED WITH
   1.13.1
